PATH
  remote: .
  specs:
    avatar-o-matic (0.0.1)
      mini_magick (= 4.3.1)

GEM
  remote: https://rubygems.org/
  specs:
    diff-lcs (1.2.5)
    mini_magick (4.3.1)
    rspec (3.4.0)
      rspec-core (~> 3.4.0)
      rspec-expectations (~> 3.4.0)
      rspec-mocks (~> 3.4.0)
    rspec-core (3.4.1)
      rspec-support (~> 3.4.0)
    rspec-expectations (3.4.0)
      diff-lcs (>= 1.2.0, < 2.0)
      rspec-support (~> 3.4.0)
    rspec-mocks (3.4.0)
      diff-lcs (>= 1.2.0, < 2.0)
      rspec-support (~> 3.4.0)
    rspec-support (3.4.1)

PLATFORMS
  ruby

DEPENDENCIES
  avatar-o-matic!
  rspec (= 3.4)

BUNDLED WITH
   1.10.6
